GEM
  remote: https://rubygems.org/
  specs:
    albino (1.3.3)
      posix-spawn (>= 0.3.6)
    posix-spawn (0.3.9)
    redcarpet (2.3.0)

PLATFORMS
  ruby

DEPENDENCIES
  albino (~> 1.3)
  redcarpet (~> 2.3)
